GEM
  remote: http://rubygems.org/
  specs:
    rainbow (2.0.0)
    sass (3.4.14)
    scss_lint (0.39.0)
      rainbow (~> 2.0)
      sass (~> 3.4.1)

PLATFORMS
  ruby

DEPENDENCIES
  scss_lint (= 0.39.0)

BUNDLED WITH
   1.10.3
